{"Modality": "MR", "MagneticFieldStrength": 3, "ImagingFrequency": 123.181932, "Manufacturer": "Siemens", "ManufacturersModelName": "Verio", "InstitutionName": "anon", "InstitutionalDepartmentName": "Department", "InstitutionAddress": "anon", "DeviceSerialNumber": "40725", "StationName": "MRC40725", "BodyPartExamined": "HEAD", "PatientPosition": "HFS", "ProcedureStepDescription": "head^NINSH", "SoftwareVersions": "syngo MR B17", "MRAcquisitionType": "2D", "SeriesDescription": "GNG_1", "ProtocolName": "GNG_1", "ScanningSequence": "EP", "SequenceVariant": "SK", "ScanOptions": "FS", "SequenceName": "*epfid2d1_64", "ImageType": ["ORIGINAL", "PRIMARY", "M", "ND", "MOSAIC"], "NonlinearGradientCorrection": false, "SeriesNumber": 12, "AcquisitionTime": "08:24:49.965000", "AcquisitionNumber": 1, "SliceThickness": 4, "SpacingBetweenSlices": 4.8, "SAR": 0.0929387, "EchoTime": 0.028, "RepetitionTime": 2, "FlipAngle": 90, "PartialFourier": 1, "BaseResolution": 64, "ShimSetting": [-5417, 14262, 12250, 546, 469, -184, 388, -61], "TxRefAmp": 404.305, "PhaseResolution": 1, "ReceiveCoilName": "HeadMatrix", "CoilString": "C:HEA;HEP", "PulseSequenceDetails": "%SiemensSeq%\\ep2d_bold", "CoilCombinationMethod": "Sum of Squares", "MatrixCoilMode": "SENSE", "PercentPhaseFOV": 100, "PercentSampling": 100, "PhaseEncodingSteps": 64, "AcquisitionMatrixPE": 64, "ReconMatrixPE": 64, "BandwidthPerPixelPhaseEncode": 31.25, "EffectiveEchoSpacing": 0.0005, "DerivedVendorReportedEchoSpacing": 0.0005, "TotalReadoutTime": 0.0315, "PixelBandwidth": 2298, "PhaseEncodingDirection": "j-", "SliceTiming": [1.005, 0, 1.0675, 0.0625, 1.13, 0.125, 1.1925, 0.1875, 1.255, 0.2525, 1.3175, 0.315, 1.38, 0.3775, 1.4425, 0.44, 1.505, 0.5025, 1.5675, 0.565, 1.6325, 0.6275, 1.695, 0.69, 1.7575, 0.7525, 1.82, 0.815, 1.8825, 0.8775, 1.945, 0.9425], "ImageOrientationPatientDICOM": [0.990692, 1.52145e-05, -0.136123, 7.69549e-08, 1, 0.00011233], "ImageOrientationText": "Tra>Sag(-7.8)>Cor(0.0)", "InPlanePhaseEncodingDirectionDICOM": "COL", "ConversionSoftware": "dcm2niix", "ConversionSoftwareVersion": "v1.0.20230411", "TaskName": "gng"}