{"Modality": "MR", "MagneticFieldStrength": 3, "ImagingFrequency": 123.181925, "Manufacturer": "Siemens", "ManufacturersModelName": "Verio", "InstitutionName": "anon", "InstitutionalDepartmentName": "Department", "InstitutionAddress": "anon", "DeviceSerialNumber": "40725", "StationName": "MRC40725", "BodyPartExamined": "HEAD", "PatientPosition": "HFS", "ProcedureStepDescription": "head^NINSH", "SoftwareVersions": "syngo MR B17", "MRAcquisitionType": "2D", "SeriesDescription": "GNG_2", "ProtocolName": "GNG_2", "ScanningSequence": "EP", "SequenceVariant": "SK", "ScanOptions": "FS", "SequenceName": "*epfid2d1_64", "ImageType": ["ORIGINAL", "PRIMARY", "M", "ND", "MOSAIC"], "NonlinearGradientCorrection": false, "SeriesNumber": 19, "AcquisitionTime": "09:04:4.000000", "AcquisitionNumber": 1, "SliceThickness": 4, "SpacingBetweenSlices": 4.8, "SAR": 0.0872369, "EchoTime": 0.028, "RepetitionTime": 2, "FlipAngle": 90, "PartialFourier": 1, "BaseResolution": 64, "ShimSetting": [-5460, 14310, 12242, 563, 242, -387, -27, 200], "TxRefAmp": 412.015, "PhaseResolution": 1, "ReceiveCoilName": "HeadMatrix", "CoilString": "C:HEA;HEP", "PulseSequenceDetails": "%SiemensSeq%\\ep2d_bold", "CoilCombinationMethod": "Sum of Squares", "MatrixCoilMode": "SENSE", "PercentPhaseFOV": 100, "PercentSampling": 100, "PhaseEncodingSteps": 64, "AcquisitionMatrixPE": 64, "ReconMatrixPE": 64, "BandwidthPerPixelPhaseEncode": 30.637, "EffectiveEchoSpacing": 0.000510004, "DerivedVendorReportedEchoSpacing": 0.000510004, "TotalReadoutTime": 0.0321303, "PixelBandwidth": 2298, "PhaseEncodingDirection": "j-", "SliceTiming": [1.005, 0, 1.0675, 0.0625, 1.13, 0.1275, 1.1925, 0.19, 1.255, 0.2525, 1.3175, 0.315, 1.38, 0.3775, 1.445, 0.44, 1.5075, 0.5025, 1.57, 0.565, 1.6325, 0.6275, 1.695, 0.69, 1.7575, 0.7525, 1.82, 0.8175, 1.8825, 0.88, 1.945, 0.9425], "ImageOrientationPatientDICOM": [0.989536, -0.000661152, -0.144283, -3.9925e-09, 0.99999, -0.00458229], "ImageOrientationText": "Tra>Sag(-8.3)>Cor(-0.3)", "InPlanePhaseEncodingDirectionDICOM": "COL", "ConversionSoftware": "dcm2niix", "ConversionSoftwareVersion": "v1.0.20230411", "TaskName": "gng"}