{
	"Modality": "MR",
	"MagneticFieldStrength": 3,
	"ImagingFrequency": 123.181883,
	"Manufacturer": "Siemens",
	"ManufacturersModelName": "Verio",
	"InstitutionName": "anon",
	"InstitutionalDepartmentName": "Department",
	"InstitutionAddress": "anon",
	"DeviceSerialNumber": "40725",
	"StationName": "MRC40725",
	"BodyPartExamined": "HEAD",
	"PatientPosition": "HFS",
	"ProcedureStepDescription": "head^NINSH",
	"SoftwareVersions": "syngo MR B17",
	"MRAcquisitionType": "3D",
	"SeriesDescription": "T1_MPRAGE_noMOCO",
	"ProtocolName": "T1_MPRAGE_noMOCO",
	"ScanningSequence": "GR\\IR",
	"SequenceVariant": "SP\\MP",
	"ScanOptions": "IR",
	"SequenceName": "*tfl3d1_ns",
	"ImageType": ["ORIGINAL", "PRIMARY", "M", "ND", "NORM"],
	"NonlinearGradientCorrection": false,
	"SeriesNumber": 3,
	"AcquisitionTime": "08:45:42.065000",
	"AcquisitionNumber": 1,
	"SliceThickness": 1,
	"SAR": 0.0658126,
	"EchoTime": 0.00347,
	"RepetitionTime": 2.5,
	"InversionTime": 1.1,
	"FlipAngle": 9,
	"PartialFourier": 1,
	"BaseResolution": 256,
	"ShimSetting": [
		-5391,
		14257,
		12274,
		395,
		379,
		-500,
		8,
		-188	],
	"TxRefAmp": 420.294,
	"PhaseResolution": 1,
	"ReceiveCoilName": "HeadMatrix",
	"CoilString": "T:HEA;HEP",
	"PulseSequenceDetails": "%SiemensSeq%\\tfl",
	"RefLinesPE": 24,
	"CoilCombinationMethod": "Sum of Squares",
	"MatrixCoilMode": "GRAPPA",
	"PercentPhaseFOV": 100,
	"PercentSampling": 100,
	"PhaseEncodingSteps": 255,
	"AcquisitionMatrixPE": 256,
	"ReconMatrixPE": 256,
	"ParallelReductionFactorInPlane": 2,
	"PixelBandwidth": 190,
	"ImageOrientationPatientDICOM": [
		0,
		1,
		1e-16,
		-0.0610485,
		0,
		-0.998135	],
	"ImageOrientationText": "Sag>Tra(3.5)",
	"InPlanePhaseEncodingDirectionDICOM": "ROW",
	"ConversionSoftware": "dcm2niix",
	"ConversionSoftwareVersion": "v1.0.20230411"
}
