{"Modality": "MR", "MagneticFieldStrength": 3, "ImagingFrequency": 123.181722, "Manufacturer": "Siemens", "ManufacturersModelName": "Verio", "InstitutionName": "anon", "InstitutionalDepartmentName": "Department", "InstitutionAddress": "anon", "DeviceSerialNumber": "40725", "StationName": "MRC40725", "BodyPartExamined": "HEAD", "PatientPosition": "HFS", "ProcedureStepDescription": "head^NINSH", "SoftwareVersions": "syngo MR B17", "MRAcquisitionType": "2D", "SeriesDescription": "GNG_1", "ProtocolName": "GNG_1", "ScanningSequence": "EP", "SequenceVariant": "SK", "ScanOptions": "FS", "SequenceName": "*epfid2d1_64", "ImageType": ["ORIGINAL", "PRIMARY", "M", "ND", "MOSAIC"], "NonlinearGradientCorrection": false, "SeriesNumber": 13, "AcquisitionTime": "08:42:49.465000", "AcquisitionNumber": 1, "SliceThickness": 4, "SpacingBetweenSlices": 4.8, "SAR": 0.175836, "EchoTime": 0.028, "RepetitionTime": 2, "FlipAngle": 90, "PartialFourier": 1, "BaseResolution": 64, "ShimSetting": [-5343, 13950, 12754, 1164, 916, -1138, 266, -430], "TxRefAmp": 450.495, "PhaseResolution": 1, "ReceiveCoilName": "HeadMatrix", "CoilString": "C:HEA;HEP", "PulseSequenceDetails": "%SiemensSeq%\\ep2d_bold", "CoilCombinationMethod": "Sum of Squares", "MatrixCoilMode": "SENSE", "PercentPhaseFOV": 100, "PercentSampling": 100, "PhaseEncodingSteps": 64, "AcquisitionMatrixPE": 64, "ReconMatrixPE": 64, "BandwidthPerPixelPhaseEncode": 30.637, "EffectiveEchoSpacing": 0.000510004, "DerivedVendorReportedEchoSpacing": 0.000510004, "TotalReadoutTime": 0.0321303, "PixelBandwidth": 2298, "PhaseEncodingDirection": "j-", "SliceTiming": [1.005, 0, 1.0675, 0.0625, 1.13, 0.125, 1.1925, 0.19, 1.255, 0.2525, 1.3175, 0.315, 1.38, 0.3775, 1.4425, 0.44, 1.5075, 0.5025, 1.57, 0.565, 1.6325, 0.6275, 1.695, 0.69, 1.7575, 0.7525, 1.82, 0.815, 1.8825, 0.88, 1.945, 0.9425], "ImageOrientationPatientDICOM": [0.981657, 0.00148718, -0.190649, 3.94147e-08, 0.99997, 0.00780058], "ImageOrientationText": "Tra>Sag(-11.0)>Cor(0.4)", "InPlanePhaseEncodingDirectionDICOM": "COL", "ConversionSoftware": "dcm2niix", "ConversionSoftwareVersion": "v1.0.20230411", "TaskName": "gng"}