{"Modality": "MR", "MagneticFieldStrength": 3, "ImagingFrequency": 123.181987, "Manufacturer": "Siemens", "ManufacturersModelName": "Verio", "InstitutionName": "anon", "InstitutionalDepartmentName": "Department", "InstitutionAddress": "anon", "DeviceSerialNumber": "40725", "StationName": "MRC40725", "BodyPartExamined": "HEAD", "PatientPosition": "HFS", "ProcedureStepDescription": "head^NINSH", "SoftwareVersions": "syngo MR B17", "MRAcquisitionType": "2D", "SeriesDescription": "GNG_1", "ProtocolName": "GNG_1", "ScanningSequence": "EP", "SequenceVariant": "SK", "ScanOptions": "FS", "SequenceName": "*epfid2d1_64", "ImageType": ["ORIGINAL", "PRIMARY", "M", "ND", "MOSAIC"], "NonlinearGradientCorrection": false, "SeriesNumber": 15, "AcquisitionNumber": 1, "SliceThickness": 4, "SpacingBetweenSlices": 4.8, "SAR": 0.159664, "EchoTime": 0.028, "RepetitionTime": 2, "FlipAngle": 90, "CoilString": "C:HEA;HEP", "PercentPhaseFOV": 100, "PercentSampling": 100, "PhaseEncodingSteps": 64, "AcquisitionMatrixPE": 64, "ReconMatrixPE": 64, "BandwidthPerPixelPhaseEncode": 30.637, "EffectiveEchoSpacing": 0.000510004, "DerivedVendorReportedEchoSpacing": 0.000510004, "TotalReadoutTime": 0.0321303, "PixelBandwidth": 2298, "PhaseEncodingDirection": "j-", "SliceTiming": [1.005, 0, 1.0675, 0.0625, 1.13, 0.125, 1.1925, 0.1875, 1.255, 0.25, 1.3175, 0.315, 1.38, 0.3775, 1.4425, 0.44, 1.505, 0.5025, 1.5675, 0.565, 1.63, 0.6275, 1.695, 0.69, 1.7575, 0.7525, 1.82, 0.815, 1.8825, 0.8775, 1.945, 0.94], "ImageOrientationPatientDICOM": [0.986305, -0.0836778, -0.142129, 0.0828223, 0.996493, -0.0119349], "ImageOrientationText": "Tra>Sag(-8.2)", "InPlanePhaseEncodingDirectionDICOM": "COL", "ConversionSoftware": "dcm2niix", "ConversionSoftwareVersion": "v1.0.20230411", "TaskName": "gng"}