{"Modality": "MR", "MagneticFieldStrength": 3, "ImagingFrequency": 123.181814, "Manufacturer": "Siemens", "ManufacturersModelName": "Verio", "InstitutionName": "anon", "InstitutionalDepartmentName": "Department", "InstitutionAddress": "anon", "DeviceSerialNumber": "40725", "StationName": "MRC40725", "BodyPartExamined": "HEAD", "PatientPosition": "HFS", "ProcedureStepDescription": "head^NINSH", "SoftwareVersions": "syngo MR B17", "MRAcquisitionType": "2D", "SeriesDescription": "GNG_2", "ProtocolName": "GNG_2", "ScanningSequence": "EP", "SequenceVariant": "SK", "ScanOptions": "FS", "SequenceName": "*epfid2d1_64", "ImageType": ["ORIGINAL", "PRIMARY", "M", "ND", "MOSAIC"], "NonlinearGradientCorrection": false, "SeriesNumber": 17, "AcquisitionTime": "09:10:1.195000", "AcquisitionNumber": 1, "SliceThickness": 4, "SpacingBetweenSlices": 4.8, "SAR": 0.137287, "EchoTime": 0.028, "RepetitionTime": 2, "FlipAngle": 90, "PartialFourier": 1, "BaseResolution": 64, "ShimSetting": [-5393, 14320, 12372, 495, 520, -54, 604, -20], "TxRefAmp": 427.238, "PhaseResolution": 1, "ReceiveCoilName": "HeadMatrix", "CoilString": "C:HEA;HEP", "PulseSequenceDetails": "%SiemensSeq%\\ep2d_bold", "CoilCombinationMethod": "Sum of Squares", "MatrixCoilMode": "SENSE", "PercentPhaseFOV": 100, "PercentSampling": 100, "PhaseEncodingSteps": 64, "AcquisitionMatrixPE": 64, "ReconMatrixPE": 64, "BandwidthPerPixelPhaseEncode": 30.637, "EffectiveEchoSpacing": 0.000510004, "DerivedVendorReportedEchoSpacing": 0.000510004, "TotalReadoutTime": 0.0321303, "PixelBandwidth": 2298, "PhaseEncodingDirection": "j-", "SliceTiming": [1.0025, 0, 1.0675, 0.0625, 1.13, 0.125, 1.1925, 0.1875, 1.255, 0.25, 1.3175, 0.3125, 1.38, 0.3775, 1.4425, 0.44, 1.505, 0.5025, 1.5675, 0.565, 1.63, 0.6275, 1.6925, 0.69, 1.7575, 0.7525, 1.82, 0.815, 1.8825, 0.8775, 1.945, 0.94], "ImageOrientationPatientDICOM": [0.997094, 0.0090462, -0.0756403, 1.79029e-08, 0.992924, 0.118749], "ImageOrientationText": "Tra>Cor(6.8)>Sag(-4.4)", "InPlanePhaseEncodingDirectionDICOM": "COL", "ConversionSoftware": "dcm2niix", "ConversionSoftwareVersion": "v1.0.20230411", "TaskName": "gng"}