{
	"Modality": "MR",
	"MagneticFieldStrength": 3,
	"ImagingFrequency": 123.18191,
	"Manufacturer": "Siemens",
	"ManufacturersModelName": "Verio",
	"InstitutionName": "anon",
	"InstitutionalDepartmentName": "Department",
	"InstitutionAddress": "anon",
	"DeviceSerialNumber": "40725",
	"StationName": "MRC40725",
	"BodyPartExamined": "HEAD",
	"PatientPosition": "HFS",
	"ProcedureStepDescription": "head^NINSH",
	"SoftwareVersions": "syngo MR B17",
	"MRAcquisitionType": "3D",
	"SeriesDescription": "T1_MPRAGE_noMOCO",
	"ProtocolName": "T1_MPRAGE_noMOCO",
	"ScanningSequence": "GR\\IR",
	"SequenceVariant": "SP\\MP",
	"ScanOptions": "IR",
	"SequenceName": "*tfl3d1_ns",
	"ImageType": ["ORIGINAL", "PRIMARY", "M", "ND", "NORM"],
	"NonlinearGradientCorrection": false,
	"SeriesNumber": 4,
	"AcquisitionTime": "08:07:48.187500",
	"AcquisitionNumber": 1,
	"SliceThickness": 1,
	"SAR": 0.0477059,
	"EchoTime": 0.00347,
	"RepetitionTime": 2.5,
	"InversionTime": 1.1,
	"FlipAngle": 9,
	"PartialFourier": 1,
	"BaseResolution": 256,
	"ShimSetting": [
		-5414,
		14243,
		12192,
		424,
		568,
		-383,
		440,
		-33	],
	"TxRefAmp": 404.305,
	"PhaseResolution": 1,
	"ReceiveCoilName": "HeadMatrix",
	"CoilString": "T:HEA;HEP",
	"PulseSequenceDetails": "%SiemensSeq%\\tfl",
	"RefLinesPE": 24,
	"CoilCombinationMethod": "Sum of Squares",
	"MatrixCoilMode": "GRAPPA",
	"PercentPhaseFOV": 100,
	"PercentSampling": 100,
	"PhaseEncodingSteps": 255,
	"AcquisitionMatrixPE": 256,
	"ReconMatrixPE": 256,
	"ParallelReductionFactorInPlane": 2,
	"PixelBandwidth": 190,
	"ImageOrientationPatientDICOM": [
		-0.0838987,
		0.996474,
		1.06899e-08,
		-0.135164,
		-0.0113802,
		-0.990758	],
	"ImageOrientationText": "Sag>Tra(7.8)>Cor(-4.8)",
	"InPlanePhaseEncodingDirectionDICOM": "ROW",
	"ConversionSoftware": "dcm2niix",
	"ConversionSoftwareVersion": "v1.0.20230411"
}
