{
	"Modality": "MR",
	"MagneticFieldStrength": 3,
	"ImagingFrequency": 123.181791,
	"Manufacturer": "Siemens",
	"ManufacturersModelName": "Verio",
	"InstitutionName": "anon",
	"InstitutionalDepartmentName": "Department",
	"InstitutionAddress": "anon",
	"DeviceSerialNumber": "40725",
	"StationName": "MRC40725",
	"BodyPartExamined": "HEAD",
	"PatientPosition": "HFS",
	"ProcedureStepDescription": "head^NINSH",
	"SoftwareVersions": "syngo MR B17",
	"MRAcquisitionType": "3D",
	"SeriesDescription": "T1_MPRAGE_noMOCO",
	"ProtocolName": "T1_MPRAGE_noMOCO",
	"ScanningSequence": "GR\\IR",
	"SequenceVariant": "SP\\MP",
	"ScanOptions": "IR",
	"SequenceName": "*tfl3d1_ns",
	"ImageType": ["ORIGINAL", "PRIMARY", "M", "ND", "NORM"],
	"NonlinearGradientCorrection": false,
	"SeriesNumber": 3,
	"AcquisitionTime": "08:10:54.140000",
	"AcquisitionNumber": 1,
	"SliceThickness": 1,
	"SAR": 0.0735323,
	"EchoTime": 0.00347,
	"RepetitionTime": 2.5,
	"InversionTime": 1.1,
	"FlipAngle": 9,
	"PartialFourier": 1,
	"BaseResolution": 256,
	"ShimSetting": [
		-5329,
		14130,
		12453,
		671,
		627,
		-534,
		669,
		-40	],
	"TxRefAmp": 439.897,
	"PhaseResolution": 1,
	"ReceiveCoilName": "HeadMatrix",
	"CoilString": "T:HEA;HEP",
	"PulseSequenceDetails": "%SiemensSeq%\\tfl",
	"RefLinesPE": 24,
	"CoilCombinationMethod": "Sum of Squares",
	"MatrixCoilMode": "GRAPPA",
	"PercentPhaseFOV": 100,
	"PercentSampling": 100,
	"PhaseEncodingSteps": 255,
	"AcquisitionMatrixPE": 256,
	"ReconMatrixPE": 256,
	"ParallelReductionFactorInPlane": 2,
	"PixelBandwidth": 190,
	"ImageOrientationPatientDICOM": [
		0.0436194,
		0.999048,
		-4.0809e-09,
		-0.0505447,
		0.00220683,
		-0.998719	],
	"ImageOrientationText": "Sag>Tra(2.9)>Cor(2.5)",
	"InPlanePhaseEncodingDirectionDICOM": "ROW",
	"ConversionSoftware": "dcm2niix",
	"ConversionSoftwareVersion": "v1.0.20230411"
}
